GEM
  remote: https://rubygems.org/
  specs:
    aws-sdk (1.34.0)
      json (~> 1.4)
      nokogiri (>= 1.4.4)
      uuidtools (~> 2.1)
    diff-lcs (1.2.4)
    highline (1.6.20)
    json (1.8.1)
    mini_portile (0.5.2)
    net-ssh (2.7.0)
    netrc (0.7.7)
    nokogiri (1.6.1)
      mini_portile (~> 0.5.0)
    rake (10.1.0)
    rest_client (1.7.3)
      netrc (~> 0.7.7)
    rspec (2.14.1)
      rspec-core (~> 2.14.0)
      rspec-expectations (~> 2.14.0)
      rspec-mocks (~> 2.14.0)
    rspec-core (2.14.7)
    rspec-expectations (2.14.3)
      diff-lcs (>= 1.1.3, < 2.0)
    rspec-mocks (2.14.4)
    serverspec (0.10.13)
      highline
      net-ssh
      rspec (>= 2.13.0)
    uuidtools (2.1.4)
    vagrant_cloud (0.1.0)
      rest_client

PLATFORMS
  ruby

DEPENDENCIES
  aws-sdk
  rake
  serverspec
  vagrant_cloud
